GEM
  remote: http://rubygems.org/
  specs:
    addressable (2.3.6)
    amq-protocol (2.3.2)
    builder (3.2.4)
    bunny (2.19.0)
      amq-protocol (~> 2.3, >= 2.3.1)
      sorted_set (~> 1, >= 1.0.2)
    chef (10.12.0)
      bunny (>= 0.6.0)
      erubis
      highline (>= 1.6.9)
      json (>= 1.4.4, <= 1.6.1)
      mixlib-authentication (>= 1.1.0)
      mixlib-cli (>= 1.1.0)
      mixlib-config (>= 1.1.2)
      mixlib-log (>= 1.3.0)
      mixlib-shellout
      moneta
      net-ssh (~> 2.2.2)
      net-ssh-multi (~> 1.1.0)
      ohai (>= 0.6.0)
      rest-client (>= 1.0.4, < 1.7.0)
      treetop (~> 1.4.9)
      uuidtools
      yajl-ruby (~> 1.1)
    chef-config (16.18.0)
      addressable
      chef-utils (= 16.18.0)
      fuzzyurl
      mixlib-config (>= 2.2.12, < 4.0)
      mixlib-shellout (>= 2.0, < 4.0)
      tomlrb (~> 1.2)
    chef-utils (16.18.0)
    erubi (1.10.0)
    erubis (2.7.0)
    excon (0.92.3)
    faraday (0.8.9)
      multipart-post (~> 1.2.0)
    faraday_middleware (0.9.0)
      faraday (>= 0.7.4, < 0.9)
    ffi (1.15.5)
    ffi-yajl (2.4.0)
      libyajl2 (>= 1.2)
    fog-aws (3.14.0)
      fog-core (~> 2.1)
      fog-json (~> 1.1)
      fog-xml (~> 0.1)
    fog-core (2.3.0)
      builder
      excon (~> 0.71)
      formatador (>= 0.2, < 2.0)
      mime-types
    fog-json (1.2.0)
      fog-core
      multi_json (~> 1.10)
    fog-xml (0.1.4)
      fog-core
      nokogiri (>= 1.5.11, < 2.0.0)
    formatador (1.1.0)
    fuzzyurl (0.9.0)
    gssapi (1.3.1)
      ffi (>= 1.0.1)
    gyoku (1.4.0)
      builder (>= 2.1.2)
      rexml (~> 3.0)
    highline (2.0.3)
    httpclient (2.8.3)
    i18n (0.6.9)
    ipaddress (0.8.3)
    json (1.6.1)
    knife-ec2 (0.19.16)
      fog-aws (>= 1, < 4)
      knife-windows (~> 1.0)
    knife-windows (1.9.6)
      winrm (~> 2.1)
      winrm-elevated (~> 1.0)
    libyajl2 (2.1.0)
    little-plugger (1.1.4)
    logging (2.3.0)
      little-plugger (~> 1.1)
      multi_json (~> 1.14)
    logify (0.2.0)
    mime-types (1.25.1)
    mini_portile2 (2.8.0)
    minitar (0.5.4)
    mixlib-authentication (1.4.2)
    mixlib-cli (2.1.8)
    mixlib-config (3.0.9)
      tomlrb
    mixlib-log (3.0.9)
    mixlib-shellout (3.2.7)
      chef-utils
    moneta (0.6.0)
    multi_json (1.15.0)
    multipart-post (1.2.0)
    net-ssh (2.2.2)
    net-ssh-gateway (1.1.0)
      net-ssh (>= 1.99.1)
    net-ssh-multi (1.1)
      net-ssh (>= 2.1.4)
      net-ssh-gateway (>= 0.99.0)
    nokogiri (1.13.6)
      mini_portile2 (~> 2.8.0)
      racc (~> 1.4)
    nori (2.6.0)
    octokit (3.0.0)
      sawyer (~> 0.5.3)
    ohai (16.5.6)
      chef-config (>= 12.8, < 17)
      chef-utils (>= 16.0, < 17)
      ffi (~> 1.9)
      ffi-yajl (~> 2.2)
      ipaddress
      mixlib-cli (>= 1.7.0)
      mixlib-config (>= 2.0, < 4.0)
      mixlib-log (>= 2.0.1, < 4.0)
      mixlib-shellout (>= 2.0, < 4.0)
      plist (~> 3.1)
      wmi-lite (~> 1.0)
    plist (3.6.0)
    polyglot (0.3.5)
    racc (1.6.0)
    rake (10.0.3)
    rbtree (0.4.5)
    rest-client (1.6.14)
      mime-types (~> 1.16)
    rexml (3.2.5)
    rubyntlm (0.6.3)
    rubyzip (2.3.2)
    sawyer (0.5.4)
      addressable (~> 2.3.5)
      faraday (~> 0.8, < 0.10)
    set (1.0.2)
    solve (0.8.2)
    sorted_set (1.0.3)
      rbtree
      set (~> 1.0)
    stove (2.0.0)
      faraday (~> 0.8.9)
      faraday_middleware (~> 0.9.0)
      i18n (~> 0.6)
      logify (~> 0.2)
      minitar (~> 0.5)
      mixlib-authentication (~> 1.3)
      octokit (~> 3.0)
      solve (~> 0.8)
    tomlrb (1.3.0)
    treetop (1.4.15)
      polyglot
      polyglot (>= 0.3.1)
    uuidtools (2.2.0)
    winrm (2.3.6)
      builder (>= 2.1.2)
      erubi (~> 1.8)
      gssapi (~> 1.2)
      gyoku (~> 1.0)
      httpclient (~> 2.2, >= 2.2.0.2)
      logging (>= 1.6.1, < 3.0)
      nori (~> 2.0)
      rubyntlm (~> 0.6.0, >= 0.6.3)
    winrm-elevated (1.2.3)
      erubi (~> 1.8)
      winrm (~> 2.0)
      winrm-fs (~> 1.0)
    winrm-fs (1.3.5)
      erubi (~> 1.8)
      logging (>= 1.6.1, < 3.0)
      rubyzip (~> 2.0)
      winrm (~> 2.0)
    wmi-lite (1.0.7)
    yajl-ruby (1.4.2)

PLATFORMS
  ruby

DEPENDENCIES
  chef (~> 10.12.0)
  knife-ec2
  moneta (~> 0.6.0)
  rake
  stove (~> 2.0.0)

BUNDLED WITH
   2.1.4
